GEM
  remote: http://rubygems.org/
  specs:
    adsf (1.1.1)
      rack (>= 1.0.0)
    chunky_png (1.2.8)
    coderay (1.0.9)
    colored (1.2)
    compass (0.12.2)
      chunky_png (~> 1.2)
      fssm (>= 0.2.7)
      sass (~> 3.1)
    cri (2.3.0)
      colored (>= 1.2)
    execjs (1.4.0)
      multi_json (~> 1.0)
    ffi (1.4.0)
    ffi (1.4.0-x86-mingw32)
    formatador (0.2.4)
    fssm (0.2.10)
    guard (1.8.1)
      formatador (>= 0.2.4)
      listen (>= 1.0.0)
      lumberjack (>= 1.0.2)
      pry (>= 0.9.10)
      thor (>= 0.14.6)
    guard-nanoc (1.0.1)
      guard (>= 1.8.0)
      nanoc (>= 3.6.3)
    haml (4.0.2)
      tilt
    kramdown (0.13.8)
    listen (1.0.3)
      rb-fsevent (>= 0.9.3)
      rb-inotify (>= 0.9)
      rb-kqueue (>= 0.2)
    lumberjack (1.0.4)
    method_source (0.8.1)
    modular-scale (1.0.6)
      compass (>= 0.12.1)
      sass (>= 3.2.0)
      sassy-math (>= 1.5)
    multi_json (1.6.1)
    nanoc (3.6.4)
      cri (~> 2.3)
    pry (0.9.12.2)
      coderay (~> 1.0.5)
      method_source (~> 0.8)
      slop (~> 3.4)
    pry (0.9.12.2-x86-mingw32)
      coderay (~> 1.0.5)
      method_source (~> 0.8)
      slop (~> 3.4)
      win32console (~> 1.3)
    rack (1.5.1)
    rake (10.0.4)
    rb-fsevent (0.9.3)
    rb-inotify (0.9.0)
      ffi (>= 0.5.0)
    rb-kqueue (0.2.0)
      ffi (>= 0.5.0)
    sass (3.2.7)
    sassy-math (1.5)
      compass (~> 0.11)
    slop (3.4.5)
    thor (0.18.1)
    tilt (1.3.6)
    uglifier (1.3.0)
      execjs (>= 0.3.0)
      multi_json (~> 1.0, >= 1.0.2)
    win32console (1.3.2-x86-mingw32)
    zurb-foundation (3.2.5)
      compass (>= 0.12.2)
      modular-scale (= 1.0.6)
      rake
      sass (>= 3.2.0)

PLATFORMS
  ruby
  x86-mingw32

DEPENDENCIES
  adsf
  compass
  guard-nanoc
  haml
  kramdown
  listen
  nanoc
  uglifier
  zurb-foundation (~> 3.2.5)
