GEM
  remote: http://rubygems.org/
  specs:
    adsf (1.1.1)
      rack (>= 1.0.0)
    chunky_png (1.2.8)
    colored (1.2)
    compass (0.12.2)
      chunky_png (~> 1.2)
      fssm (>= 0.2.7)
      sass (~> 3.1)
    cri (2.3.0)
      colored (>= 1.2)
    fssm (0.2.10)
    haml (4.0.2)
      tilt
    modular-scale (1.0.6)
      compass (>= 0.12.1)
      sass (>= 3.2.0)
      sassy-math (>= 1.5)
    nanoc (3.6.2)
      cri (~> 2.3)
    rack (1.5.1)
    rake (10.0.4)
    sass (3.2.7)
    sassy-math (1.5)
      compass (~> 0.11)
    tilt (1.3.6)
    zurb-foundation (3.2.5)
      compass (>= 0.12.2)
      modular-scale (= 1.0.6)
      rake
      sass (>= 3.2.0)

PLATFORMS
  ruby

DEPENDENCIES
  adsf
  compass
  haml
  nanoc
  zurb-foundation (~> 3.2.5)
